GEM
  remote: https://rubygems.org/
  specs:
    ast (2.2.0)
    astrolabe (1.3.1)
      parser (~> 2.2)
    govuk-lint (0.7.0)
      rubocop (~> 0.35.0)
      scss_lint (~> 0.44.0)
    parser (2.3.0.6)
      ast (~> 2.2)
    powerpack (0.1.1)
    rainbow (2.1.0)
    rake (10.5.0)
    rubocop (0.35.1)
      astrolabe (~> 1.3)
      parser (>= 2.2.3.0, < 3.0)
      powerpack (~> 0.1)
      rainbow (>= 1.99.1, < 3.0)
      ruby-progressbar (~> 1.7)
      tins (<= 1.6.0)
    ruby-progressbar (1.7.5)
    sass (3.4.15)
    scss_lint (0.44.0)
      rake (~> 10.0)
      sass (~> 3.4.15)
    tins (1.6.0)

PLATFORMS
  ruby
  x86_64-darwin-16

DEPENDENCIES
  govuk-lint (= 0.7.0)
  sass (= 3.4.15)

BUNDLED WITH
   1.16.0.pre.3
